PATH
  remote: .
  specs:
    CricApi (0.2.2)
      hashie
      httparty

GEM
  remote: https://rubygems.org/
  specs:
    diff-lcs (1.3)
    hashie (3.5.6)
    httparty (0.15.6)
      multi_xml (>= 0.5.2)
    multi_xml (0.6.0)
    rake (10.5.0)
    rspec (3.7.0)
      rspec-core (~> 3.7.0)
      rspec-expectations (~> 3.7.0)
      rspec-mocks (~> 3.7.0)
    rspec-core (3.7.0)
      rspec-support (~> 3.7.0)
    rspec-expectations (3.7.0)
      diff-lcs (>= 1.2.0, < 2.0)
      rspec-support (~> 3.7.0)
    rspec-mocks (3.7.0)
      diff-lcs (>= 1.2.0, < 2.0)
      rspec-support (~> 3.7.0)
    rspec-support (3.7.0)

PLATFORMS
  ruby

DEPENDENCIES
  CricApi!
  bundler (~> 1.16)
  rake (~> 10.0)
  rspec

BUNDLED WITH
   1.16.2
